GIT
  remote: git://github.com/ctran/annotate_models.git
  revision: ab62e8c131c9a67d687fa23ed5ee05c3bf450852
  specs:
    annotate (2.4.1.beta1)

GEM
  remote: http://rubygems.org/
  specs:
    ZenTest (4.4.2)
    abstract (1.0.0)
    actionmailer (3.0.3)
      actionpack (= 3.0.3)
      mail (~> 2.2.9)
    actionpack (3.0.3)
      activemodel (= 3.0.3)
      activesupport (= 3.0.3)
      builder (~> 2.1.2)
      erubis (~> 2.6.6)
      i18n (~> 0.4)
      rack (~> 1.2.1)
      rack-mount (~> 0.6.13)
      rack-test (~> 0.5.6)
      tzinfo (~> 0.3.23)
    activemodel (3.0.3)
      activesupport (= 3.0.3)
      builder (~> 2.1.2)
      i18n (~> 0.4)
    activerecord (3.0.3)
      activemodel (= 3.0.3)
      activesupport (= 3.0.3)
      arel (~> 2.0.2)
      tzinfo (~> 0.3.23)
    activeresource (3.0.3)
      activemodel (= 3.0.3)
      activesupport (= 3.0.3)
    activesupport (3.0.3)
    addressable (2.2.6)
    archive-tar-minitar (0.5.2)
    arel (2.0.10)
    autotest (4.4.6)
      ZenTest (>= 4.4.1)
    autotest-growl (0.2.9)
    autotest-inotify (0.0.4)
      autotest (>= 4.2.4)
      rb-inotify
    autotest-rails-pure (4.1.2)
    builder (2.1.2)
    columnize (0.3.5)
    database_cleaner (0.7.0)
    diff-lcs (1.1.3)
    erubis (2.6.6)
      abstract (>= 1.0.0)
    factory_girl (1.3.3)
    factory_girl_rails (1.0.1)
      factory_girl (~> 1.3)
      railties (>= 3.0.0)
    faker (1.0.1)
      i18n (~> 0.4)
    ffi (1.0.4)
      rake (>= 0.8.7)
    gravatar_image_tag (1.0.0.pre2)
    heroku (2.14.0)
      launchy (>= 0.3.2)
      rest-client (~> 1.6.1)
      rubyzip
      term-ansicolor (~> 1.0.5)
    i18n (0.6.0)
    launchy (2.0.5)
      addressable (~> 2.2.6)
    linecache19 (0.5.12)
      ruby_core_source (>= 0.1.4)
    mail (2.2.19)
      activesupport (>= 2.3.6)
      i18n (>= 0.4.0)
      mime-types (~> 1.16)
      treetop (~> 1.4.8)
    mime-types (1.17.2)
    nokogiri (1.5.0)
    open_terms (0.0.3)
    polyglot (0.3.3)
    rack (1.2.4)
    rack-mount (0.6.14)
      rack (>= 1.0.0)
    rack-test (0.5.7)
      rack (>= 1.0)
    rails (3.0.3)
      actionmailer (= 3.0.3)
      actionpack (= 3.0.3)
      activerecord (= 3.0.3)
      activeresource (= 3.0.3)
      activesupport (= 3.0.3)
      bundler (~> 1.0)
      railties (= 3.0.3)
    railties (3.0.3)
      actionpack (= 3.0.3)
      activesupport (= 3.0.3)
      rake (>= 0.8.7)
      thor (~> 0.14.4)
    rake (0.8.7)
    rb-inotify (0.8.4)
      ffi (>= 0.5.0)
    rest-client (1.6.7)
      mime-types (>= 1.16)
    rspec (2.3.0)
      rspec-core (~> 2.3.0)
      rspec-expectations (~> 2.3.0)
      rspec-mocks (~> 2.3.0)
    rspec-core (2.3.1)
    rspec-expectations (2.3.0)
      diff-lcs (~> 1.1.2)
    rspec-mocks (2.3.0)
    rspec-rails (2.3.0)
      actionpack (~> 3.0)
      activesupport (~> 3.0)
      railties (~> 3.0)
      rspec (~> 2.3.0)
    ruby-debug-base19 (0.11.25)
      columnize (>= 0.3.1)
      linecache19 (>= 0.5.11)
      ruby_core_source (>= 0.1.4)
    ruby-debug19 (0.11.6)
      columnize (>= 0.3.1)
      linecache19 (>= 0.5.11)
      ruby-debug-base19 (>= 0.11.19)
    ruby_core_source (0.1.5)
      archive-tar-minitar (>= 0.5.2)
    rubyzip (0.9.5)
    sequel (3.20.0)
    sinatra (1.0)
      rack (>= 1.0)
    spork (0.9.0.rc7)
    sqlite3 (1.3.4)
    sqlite3-ruby (1.3.3)
      sqlite3 (>= 1.3.3)
    taps (0.3.23)
      rack (>= 1.0.1)
      rest-client (>= 1.4.0, < 1.7.0)
      sequel (~> 3.20.0)
      sinatra (~> 1.0.0)
      sqlite3-ruby (~> 1.2)
    term-ansicolor (1.0.7)
    thor (0.14.6)
    treetop (1.4.10)
      polyglot
      polyglot (>= 0.3.1)
    tzinfo (0.3.31)
    webrat (0.7.1)
      nokogiri (>= 1.2.0)
      rack (>= 1.0)
      rack-test (>= 0.5.3)
    will_paginate (3.0.pre2)

PLATFORMS
  ruby

DEPENDENCIES
  ZenTest (= 4.4.2)
  annotate!
  autotest (= 4.4.6)
  autotest-growl (= 0.2.9)
  autotest-inotify (= 0.0.4)
  autotest-rails-pure (= 4.1.2)
  database_cleaner (= 0.7.0)
  factory_girl_rails (= 1.0.1)
  faker
  ffi (= 1.0.4)
  gravatar_image_tag (= 1.0.0.pre2)
  heroku
  open_terms (= 0.0.3)
  rails (= 3.0.3)
  rake (= 0.8.7)
  rb-inotify (= 0.8.4)
  rspec (= 2.3.0)
  rspec-rails (= 2.3.0)
  ruby-debug19
  spork (= 0.9.0rc7)
  sqlite3-ruby
  taps
  webrat (= 0.7.1)
  will_paginate (= 3.0.pre2)
